GEM
  remote: https://rubygems.org/
  specs:
    ast (2.4.0)
    hoe (3.17.0)
      rake (>= 0.8, < 13.0)
    metaclass (0.0.4)
    mini_portile2 (2.3.0)
    minitest (5.10.1)
    mocha (1.5.0)
      metaclass (~> 0.0.1)
    nokogiri (1.8.2)
      mini_portile2 (~> 2.3.0)
    parallel (1.12.1)
    parser (2.5.1.0)
      ast (~> 2.4.0)
    power_assert (1.1.1)
    powerpack (0.1.1)
    rainbow (3.0.0)
    rake (12.3.1)
    rdoc (6.0.4)
    rubocop (0.56.0)
      parallel (~> 1.10)
      parser (>= 2.5)
      powerpack (~> 0.1)
      rainbow (>= 2.2.2, < 4.0)
      ruby-progressbar (~> 1.7)
      unicode-display_width (~> 1.0, >= 1.0.1)
    ruby-progressbar (1.9.0)
    slop (4.6.2)
    test-unit (3.2.3)
      power_assert
    unicode-display_width (1.3.3)

PLATFORMS
  ruby

DEPENDENCIES
  hoe (= 3.17.0)
  minitest (= 5.10.1)
  mocha (= 1.5.0)
  nokogiri (= 1.8.2)
  rdoc (= 6.0.4)
  rubocop (~> 0.56.0)
  slop (= 4.6.2)
  test-unit (= 3.2.3)

BUNDLED WITH
   1.16.2
