GEM
  remote: https://rubygems.org/
  specs:
    hoe (3.17.0)
      rake (>= 0.8, < 13.0)
    mini_portile2 (2.3.0)
    minitest (5.10.1)
    nokogiri (1.8.2)
      mini_portile2 (~> 2.3.0)
    power_assert (1.1.1)
    rake (12.3.1)
    slop (4.6.2)
    test-unit (3.2.3)
      power_assert

PLATFORMS
  ruby

DEPENDENCIES
  hoe (= 3.17.0)
  minitest (= 5.10.1)
  nokogiri (= 1.8.2)
  slop (= 4.6.2)
  test-unit (= 3.2.3)

BUNDLED WITH
   1.16.2
